GEM
  remote: https://rubygems.org/
  specs:
    awesome_print (1.9.2)
    concurrent-ruby (1.2.2)
    faker (2.16.0)
      i18n (>= 1.6, < 2)
    i18n (1.14.1)
      concurrent-ruby (~> 1.0)

PLATFORMS
  x86_64-darwin-20

DEPENDENCIES
  awesome_print
  faker (= 2.16.0)

BUNDLED WITH
   2.2.22
